GEM
  remote: http://rubygems.org/
  specs:
    capistrano (2.15.9)
      highline
      net-scp (>= 1.0.0)
      net-sftp (>= 2.0.0)
      net-ssh (>= 2.0.14)
      net-ssh-gateway (>= 1.1.0)
    capistrano-ext (1.2.1)
      capistrano (>= 1.0.0)
    capistrano-unicorn (0.2.0)
      capistrano (< 3.0)
    capistrano_colors (0.5.5)
    ffi (1.9.23)
    highline (1.7.10)
    json (2.1.0)
    kgio (2.11.2)
    libusb (0.5.1)
      ffi (>= 1.0)
    net-scp (1.2.1)
      net-ssh (>= 2.6.5)
    net-sftp (2.1.2)
      net-ssh (>= 2.6.5)
    net-ssh (4.2.0)
    net-ssh-gateway (2.0.0)
      net-ssh (>= 4.0.0)
    rack (1.6.9)
    rack-protection (1.5.5)
      rack
    raindrops (0.19.0)
    redis (3.3.5)
    rvm-capistrano (1.5.6)
      capistrano (~> 2.15.4)
    sinatra (1.4.8)
      rack (~> 1.5)
      rack-protection (~> 1.4)
      tilt (>= 1.3, < 3)
    sinatra-cross_origin (0.3.2)
    tilt (2.0.8)
    unicorn (5.4.0)
      kgio (~> 2.6)
      raindrops (~> 0.7)

PLATFORMS
  ruby

DEPENDENCIES
  capistrano
  capistrano-ext
  capistrano-unicorn
  capistrano_colors
  json
  libusb (~> 0.5.1)
  rack-protection (~> 1.5.5)
  redis (~> 3.2)
  rvm-capistrano
  sinatra
  sinatra-cross_origin (~> 0.3.1)
  unicorn

BUNDLED WITH
   1.11.2
